PATH
  remote: .
  specs:
    forklift (1.0.4)
      activesupport
      elasticsearch
      lumberjack
      mysql2
      pony

GEM
  remote: https://rubygems.org/
  specs:
    activesupport (4.0.4)
      i18n (~> 0.6, >= 0.6.9)
      minitest (~> 4.2)
      multi_json (~> 1.3)
      thread_safe (~> 0.1)
      tzinfo (~> 0.3.37)
    addressable (2.3.6)
    atomic (1.1.16)
    awesome_print (1.2.0)
    diff-lcs (1.2.5)
    elasticsearch (1.0.1)
      elasticsearch-api (= 1.0.1)
      elasticsearch-transport (= 1.0.1)
    elasticsearch-api (1.0.1)
      multi_json
    elasticsearch-transport (1.0.1)
      faraday
      multi_json
    email_spec (1.5.0)
      launchy (~> 2.1)
      mail (~> 2.2)
    faraday (0.9.0)
      multipart-post (>= 1.2, < 3)
    i18n (0.6.9)
    launchy (2.4.2)
      addressable (~> 2.3)
    lumberjack (1.0.5)
    mail (2.5.4)
      mime-types (~> 1.16)
      treetop (~> 1.4.8)
    mime-types (1.25.1)
    minitest (4.7.5)
    multi_json (1.9.2)
    multipart-post (2.0.0)
    mysql2 (0.3.15)
    polyglot (0.3.4)
    pony (1.8)
      mail (>= 2.0)
    rake (10.2.2)
    rspec (2.14.1)
      rspec-core (~> 2.14.0)
      rspec-expectations (~> 2.14.0)
      rspec-mocks (~> 2.14.0)
    rspec-core (2.14.8)
    rspec-expectations (2.14.5)
      diff-lcs (>= 1.1.3, < 2.0)
    rspec-mocks (2.14.6)
    thread_safe (0.3.1)
      atomic (>= 1.1.7, < 2)
    treetop (1.4.15)
      polyglot
      polyglot (>= 0.3.1)
    tzinfo (0.3.39)

PLATFORMS
  ruby

DEPENDENCIES
  awesome_print
  email_spec
  forklift!
  rake
  rspec
